GEM
  remote: https://rubygems.org/
  specs:
    activesupport (5.2.1)
      concurrent-ruby (~> 1.0, >= 1.0.2)
      i18n (>= 0.7, < 2)
      minitest (~> 5.1)
      tzinfo (~> 1.1)
    backports (3.11.3)
    concurrent-ruby (1.0.5)
    glorify (0.5.0)
      nokogiri
      rdoc-rouge
      sinatra
    i18n (1.1.0)
      concurrent-ruby (~> 1.0)
    mini_portile2 (2.3.0)
    minitest (5.11.3)
    multi_json (1.13.1)
    mustermann (1.0.2)
    nokogiri (1.8.4)
      mini_portile2 (~> 2.3.0)
    pygments.rb (1.2.1)
      multi_json (>= 1.0.0)
    rack (2.0.5)
    rack-protection (2.0.3)
      rack
    rdoc (4.3.0)
    rdoc-rouge (0.1.0)
      rdoc (~> 4.0)
      rouge (~> 0.3.0)
    redcarpet (3.4.0)
    rouge (0.3.10)
      thor
    sinatra (2.0.3)
      mustermann (~> 1.0)
      rack (~> 2.0)
      rack-protection (= 2.0.3)
      tilt (~> 2.0)
    sinatra-contrib (2.0.3)
      activesupport (>= 4.0.0)
      backports (>= 2.8.2)
      multi_json
      mustermann (~> 1.0)
      rack-protection (= 2.0.3)
      sinatra (= 2.0.3)
      tilt (>= 1.3, < 3)
    thor (0.20.0)
    thread_safe (0.3.6)
    tilt (2.0.8)
    tzinfo (1.2.5)
      thread_safe (~> 0.1)

PLATFORMS
  ruby

DEPENDENCIES
  glorify
  nokogiri
  pygments.rb
  redcarpet
  sinatra
  sinatra-contrib

BUNDLED WITH
   1.16.3
